GEM
  remote: https://rubygems.org/
  specs:
    ffi (1.6.0)
    listen (0.7.3)
    rake (10.0.4)
    rb-inotify (0.9.0)
      ffi (>= 0.5.0)

PLATFORMS
  ruby

DEPENDENCIES
  listen (~> 0.7.3)
  rake (~> 10.0.4)
  rb-inotify (~> 0.9.0)
